GIT
  remote: https://github.com/antek-drzewiecki/wine_bouncer.git
  revision: c82b88f73c7adc43a8e89ca73f7e18952ec30de4
  ref: c82b88f
  specs:
    wine_bouncer (1.0.4)
      doorkeeper (>= 1.4, < 6.0)
      grape (>= 0.10)

GIT
  remote: https://github.com/tilo/smarter_csv.git
  revision: 5cec2dc828d3e7b95fcf0efe17f67796e5a07711
  specs:
    smarter_csv (1.13.0)

GEM
  remote: https://rubygems.org/
  specs:
    actioncable (6.1.3.2)
      actionpack (= 6.1.3.2)
      activesupport (= 6.1.3.2)
      nio4r (~> 2.0)
      websocket-driver (>= 0.6.1)
    actionmailbox (6.1.3.2)
      actionpack (= 6.1.3.2)
      activejob (= 6.1.3.2)
      activerecord (= 6.1.3.2)
      activestorage (= 6.1.3.2)
      activesupport (= 6.1.3.2)
      mail (>= 2.7.1)
    actionmailer (6.1.3.2)
      actionpack (= 6.1.3.2)
      actionview (= 6.1.3.2)
      activejob (= 6.1.3.2)
      activesupport (= 6.1.3.2)
      mail (~> 2.5, >= 2.5.4)
      rails-dom-testing (~> 2.0)
    actionpack (6.1.3.2)
      actionview (= 6.1.3.2)
      activesupport (= 6.1.3.2)
      rack (~> 2.0, >= 2.0.9)
      rack-test (>= 0.6.3)
      rails-dom-testing (~> 2.0)
      rails-html-sanitizer (~> 1.0, >= 1.2.0)
    actiontext (6.1.3.2)
      actionpack (= 6.1.3.2)
      activerecord (= 6.1.3.2)
      activestorage (= 6.1.3.2)
      activesupport (= 6.1.3.2)
      nokogiri (>= 1.8.5)
    actionview (6.1.3.2)
      activesupport (= 6.1.3.2)
      builder (~> 3.1)
      erubi (~> 1.4)
      rails-dom-testing (~> 2.0)
      rails-html-sanitizer (~> 1.1, >= 1.2.0)
    activejob (6.1.3.2)
      activesupport (= 6.1.3.2)
      globalid (>= 0.3.6)
    activemodel (6.1.3.2)
      activesupport (= 6.1.3.2)
    activerecord (6.1.3.2)
      activemodel (= 6.1.3.2)
      activesupport (= 6.1.3.2)
    activerecord-import (1.0.8)
      activerecord (>= 3.2)
    activestorage (6.1.3.2)
      actionpack (= 6.1.3.2)
      activejob (= 6.1.3.2)
      activerecord (= 6.1.3.2)
      activesupport (= 6.1.3.2)
      marcel (~> 1.0.0)
      mini_mime (~> 1.0.2)
    activesupport (6.1.3.2)
      concurrent-ruby (~> 1.0, >= 1.0.2)
      i18n (>= 1.6, < 2)
      minitest (>= 5.1)
      tzinfo (~> 2.0)
      zeitwerk (~> 2.3)
    addressable (2.8.7)
      public_suffix (>= 2.0.2, < 7.0)
    autoprefixer-rails (10.4.19.0)
      execjs (~> 2)
    aws-eventstream (1.3.0)
    aws-partitions (1.1009.0)
    aws-sdk-core (3.113.0)
      aws-eventstream (~> 1, >= 1.0.2)
      aws-partitions (~> 1, >= 1.239.0)
      aws-sigv4 (~> 1.1)
      jmespath (~> 1.0)
    aws-sdk-kms (1.43.0)
      aws-sdk-core (~> 3, >= 3.112.0)
      aws-sigv4 (~> 1.1)
    aws-sdk-s3 (1.91.0)
      aws-sdk-core (~> 3, >= 3.112.0)
      aws-sdk-kms (~> 1)
      aws-sigv4 (~> 1.1)
    aws-sigv4 (1.10.1)
      aws-eventstream (~> 1, >= 1.0.2)
    base64 (0.2.0)
    bcp47_spec (0.2.1)
    bcrypt (3.1.20)
    bigdecimal (3.1.8)
    bindex (0.8.1)
    bing_translator (6.2.0)
      json
    bootsnap (1.18.4)
      msgpack (~> 1.2)
    bootstrap (4.6.2.1)
      autoprefixer-rails (>= 9.1.0)
      popper_js (>= 1.16.1, < 2)
    bootstrap_form (4.5.0)
      actionpack (>= 5.2)
      activemodel (>= 5.2)
    breadcrumble (5.0.0)
      rails (>= 4.0.0)
    builder (3.3.0)
    byebug (11.1.3)
    cancancan (3.2.1)
    capybara (3.40.0)
      addressable
      matrix
      mini_mime (>= 0.1.3)
      nokogiri (~> 1.11)
      rack (>= 1.6.0)
      rack-test (>= 0.6.3)
      regexp_parser (>= 1.5, < 3.0)
      xpath (~> 3.2)
    carrierwave (2.2.6)
      activemodel (>= 5.0.0)
      activesupport (>= 5.0.0)
      addressable (~> 2.6)
      image_processing (~> 1.1)
      marcel (~> 1.0.0)
      mini_mime (>= 0.1.3)
      ssrf_filter (~> 1.0)
    carrierwave-aws (1.6.0)
      aws-sdk-s3 (~> 1.0)
      carrierwave (>= 2.0, < 4)
    carrierwave-base64 (2.11.0)
      carrierwave (>= 2.2.1)
      marcel (~> 1.0.0)
      mime-types (~> 3.0)
    caxlsx (4.1.0)
      htmlentities (~> 4.3, >= 4.3.4)
      marcel (~> 1.0)
      nokogiri (~> 1.10, >= 1.10.4)
      rubyzip (>= 1.3.0, < 3)
    caxlsx_rails (0.6.4)
      actionpack (>= 3.1)
      caxlsx (>= 3.0)
    chronic (0.10.2)
    clipboard-rails (1.7.1)
    coffee-rails (5.0.0)
      coffee-script (>= 2.2.0)
      railties (>= 5.2.0)
    coffee-script (2.4.1)
      coffee-script-source
      execjs
    coffee-script-source (1.12.2)
    concurrent-ruby (1.3.4)
    contentful (2.17.1)
      http (> 0.8, < 6.0)
      multi_json (~> 1)
    crack (1.0.0)
      bigdecimal
      rexml
    crass (1.0.6)
    css_parser (1.19.1)
      addressable
    date (3.4.0)
    devise (4.9.4)
      bcrypt (~> 3.0)
      orm_adapter (~> 0.1)
      railties (>= 4.1.0)
      responders
      warden (~> 1.2.3)
    diff-lcs (1.5.1)
    domain_name (0.6.20240107)
    doorkeeper (5.6.9)
      railties (>= 5)
    doorkeeper-openid_connect (1.8.8)
      doorkeeper (>= 5.5, < 5.7)
      jwt (>= 2.5)
    dry-core (1.0.2)
      concurrent-ruby (~> 1.0)
      logger
      zeitwerk (~> 2.6)
    dry-inflector (1.1.0)
    dry-logic (1.5.0)
      concurrent-ruby (~> 1.0)
      dry-core (~> 1.0, < 2)
      zeitwerk (~> 2.6)
    dry-types (1.7.2)
      bigdecimal (~> 3.0)
      concurrent-ruby (~> 1.0)
      dry-core (~> 1.0)
      dry-inflector (~> 1.0)
      dry-logic (~> 1.4)
      zeitwerk (~> 2.6)
    erubi (1.13.0)
    execjs (2.10.0)
    factory_bot (6.1.0)
      activesupport (>= 5.0.0)
    factory_bot_rails (6.1.0)
      factory_bot (~> 6.1.0)
      railties (>= 5.0.0)
    faraday (2.12.1)
      faraday-net_http (>= 2.0, < 3.5)
      json
      logger
    faraday-net_http (3.4.0)
      net-http (>= 0.5.0)
    ffi (1.17.0)
    ffi-compiler (1.3.2)
      ffi (>= 1.15.5)
      rake
    font-awesome-sass (5.15.1)
      sassc (>= 1.11)
    friendly_id (5.5.1)
      activerecord (>= 4.0.0)
    globalid (1.2.1)
      activesupport (>= 6.1)
    grape (1.5.3)
      activesupport
      builder
      dry-types (>= 1.1)
      mustermann-grape (~> 1.0.0)
      rack (>= 1.3.0)
      rack-accept
    grape-cancan (0.1.0)
      cancancan
      grape (>= 1.0)
    grape-entity (1.0.1)
      activesupport (>= 3.0.0)
      multi_json (>= 1.3.2)
    grape-swagger (1.6.1)
      grape (~> 1.3)
    grape-swagger-entity (0.5.3)
      grape-entity (>= 0.6.0)
      grape-swagger (>= 1.2.0)
    grape-swagger-rails (0.5.0)
      railties (>= 6.0.6.1)
    haml (5.2.1)
      temple (>= 0.8.0)
      tilt
    haml-rails (2.1.0)
      actionpack (>= 5.1)
      activesupport (>= 5.1)
      haml (>= 4.0.6)
      railties (>= 5.1)
    hashdiff (1.1.2)
    hashie (5.0.0)
    htmlentities (4.3.4)
    http (5.2.0)
      addressable (~> 2.8)
      base64 (~> 0.1)
      http-cookie (~> 1.0)
      http-form_data (~> 2.2)
      llhttp-ffi (~> 0.5.0)
    http-cookie (1.0.7)
      domain_name (~> 0.5)
    http-form_data (2.3.0)
    i18n (1.14.6)
      concurrent-ruby (~> 1.0)
    image_processing (1.13.0)
      mini_magick (>= 4.9.5, < 5)
      ruby-vips (>= 2.0.17, < 3)
    jbuilder (2.13.0)
      actionview (>= 5.0.0)
      activesupport (>= 5.0.0)
    jmespath (1.6.2)
    jquery-rails (4.6.0)
      rails-dom-testing (>= 1, < 3)
      railties (>= 4.2.0)
      thor (>= 0.14, < 2.0)
    json (2.8.2)
    json-canonicalization (0.4.0)
    json-ld (3.1.7)
      htmlentities (~> 4.3)
      json-canonicalization (~> 0.2)
      link_header (~> 0.0, >= 0.0.8)
      multi_json (~> 1.14)
      rack (~> 2.0)
      rdf (~> 3.1)
    jwt (2.9.3)
      base64
    kaminari (1.2.2)
      activesupport (>= 4.1.0)
      kaminari-actionview (= 1.2.2)
      kaminari-activerecord (= 1.2.2)
      kaminari-core (= 1.2.2)
    kaminari-actionview (1.2.2)
      actionview
      kaminari-core (= 1.2.2)
    kaminari-activerecord (1.2.2)
      activerecord
      kaminari-core (= 1.2.2)
    kaminari-core (1.2.2)
    link_header (0.0.8)
    listen (3.9.0)
      rb-fsevent (~> 0.10, >= 0.10.3)
      rb-inotify (~> 0.9, >= 0.9.10)
    llhttp-ffi (0.5.0)
      ffi-compiler (~> 1.0)
      rake (~> 13.0)
    logger (1.6.1)
    loofah (2.23.1)
      crass (~> 1.0.2)
      nokogiri (>= 1.12.0)
    mail (2.8.1)
      mini_mime (>= 0.1.1)
      net-imap
      net-pop
      net-smtp
    marcel (1.0.4)
    matrix (0.4.2)
    meta-tags (2.22.1)
      actionpack (>= 6.0.0, < 8.1)
    method_source (1.1.0)
    mime-types (3.6.0)
      logger
      mime-types-data (~> 3.2015)
    mime-types-data (3.2024.1105)
    mini_magick (4.13.2)
    mini_mime (1.0.3)
    minitest (5.25.1)
    momentjs-rails (2.29.4.1)
      railties (>= 3.1)
    msgpack (1.7.5)
    multi_json (1.15.0)
    mustermann (3.0.3)
      ruby2_keywords (~> 0.0.1)
    mustermann-grape (1.0.2)
      mustermann (>= 1.0.0)
    mysql2 (0.5.3)
    net-http (0.5.0)
      uri
    net-imap (0.4.18)
      date
      net-protocol
    net-pop (0.1.2)
      net-protocol
    net-protocol (0.2.2)
      timeout
    net-smtp (0.5.0)
      net-protocol
    nio4r (2.7.4)
    nokogiri (1.16.7-x86_64-linux)
      racc (~> 1.4)
    oauth (1.1.0)
      oauth-tty (~> 1.0, >= 1.0.1)
      snaky_hash (~> 2.0)
      version_gem (~> 1.1)
    oauth-tty (1.0.5)
      version_gem (~> 1.1, >= 1.1.1)
    orm_adapter (0.5.0)
    pdf-core (0.10.0)
    popper_js (1.16.1)
    prawn (2.5.0)
      matrix (~> 0.4)
      pdf-core (~> 0.10.0)
      ttfunk (~> 1.8)
    prawn-svg (0.35.1)
      css_parser (~> 1.6)
      matrix (~> 0.4.2)
      prawn (>= 0.11.1, < 3)
      rexml (>= 3.2.0, < 4)
    prawn-table (0.2.2)
      prawn (>= 1.3.0, < 3.0.0)
    public_suffix (6.0.1)
    puma (5.2.2)
      nio4r (~> 2.0)
    racc (1.8.1)
    rack (2.2.10)
    rack-accept (0.4.5)
      rack (>= 0.4)
    rack-cors (2.0.2)
      rack (>= 2.0.0)
    rack-mini-profiler (3.3.1)
      rack (>= 1.2.0)
    rack-test (2.1.0)
      rack (>= 1.3)
    rails (6.1.3.2)
      actioncable (= 6.1.3.2)
      actionmailbox (= 6.1.3.2)
      actionmailer (= 6.1.3.2)
      actionpack (= 6.1.3.2)
      actiontext (= 6.1.3.2)
      actionview (= 6.1.3.2)
      activejob (= 6.1.3.2)
      activemodel (= 6.1.3.2)
      activerecord (= 6.1.3.2)
      activestorage (= 6.1.3.2)
      activesupport (= 6.1.3.2)
      bundler (>= 1.15.0)
      railties (= 6.1.3.2)
      sprockets-rails (>= 2.0.0)
    rails-controller-testing (1.0.5)
      actionpack (>= 5.0.1.rc1)
      actionview (>= 5.0.1.rc1)
      activesupport (>= 5.0.1.rc1)
    rails-dom-testing (2.2.0)
      activesupport (>= 5.0.0)
      minitest
      nokogiri (>= 1.6)
    rails-html-sanitizer (1.6.0)
      loofah (~> 2.21)
      nokogiri (~> 1.14)
    rails_bootstrap_sortable (2.0.7)
      momentjs-rails (>= 2.8.3)
    rails_real_favicon (0.1.1)
      json (>= 1.7, < 3)
      rails
      rubyzip (~> 2)
    railties (6.1.3.2)
      actionpack (= 6.1.3.2)
      activesupport (= 6.1.3.2)
      method_source
      rake (>= 0.8.7)
      thor (~> 1.0)
    rake (13.2.1)
    rb-fsevent (0.11.2)
    rb-inotify (0.11.1)
      ffi (~> 1.0)
    rdf (3.3.2)
      bcp47_spec (~> 0.2)
      bigdecimal (~> 3.1, >= 3.1.5)
      link_header (~> 0.0, >= 0.0.8)
    redcarpet (3.6.0)
    regexp_parser (2.9.2)
    responders (3.1.1)
      actionpack (>= 5.2)
      railties (>= 5.2)
    rexml (3.3.9)
    rich_text_renderer (0.3.2)
    rspec-core (3.10.1)
      rspec-support (~> 3.10.0)
    rspec-expectations (3.10.1)
      diff-lcs (>= 1.2.0, < 2.0)
      rspec-support (~> 3.10.0)
    rspec-mocks (3.10.2)
      diff-lcs (>= 1.2.0, < 2.0)
      rspec-support (~> 3.10.0)
    rspec-rails (5.0.1)
      actionpack (>= 5.2)
      activesupport (>= 5.2)
      railties (>= 5.2)
      rspec-core (~> 3.10)
      rspec-expectations (~> 3.10)
      rspec-mocks (~> 3.10)
      rspec-support (~> 3.10)
    rspec-support (3.10.3)
    ruby-vips (2.2.2)
      ffi (~> 1.12)
      logger
    ruby2_keywords (0.0.5)
    rubyzip (2.3.2)
    sass-rails (6.0.0)
      sassc-rails (~> 2.1, >= 2.1.1)
    sassc (2.4.0)
      ffi (~> 1.9)
    sassc-rails (2.1.2)
      railties (>= 4.0.0)
      sassc (>= 2.0)
      sprockets (> 3.0)
      sprockets-rails
      tilt
    selenium-webdriver (4.10.0)
      rexml (~> 3.2, >= 3.2.5)
      rubyzip (>= 1.2.2, < 3.0)
      websocket (~> 1.0)
    sentry-rails (5.21.0)
      railties (>= 5.0)
      sentry-ruby (~> 5.21.0)
    sentry-ruby (5.21.0)
      bigdecimal
      concurrent-ruby (~> 1.0, >= 1.0.2)
    snaky_hash (2.0.1)
      hashie
      version_gem (~> 1.1, >= 1.1.1)
    sprockets (4.2.1)
      concurrent-ruby (~> 1.0)
      rack (>= 2.2.4, < 4)
    sprockets-rails (3.5.2)
      actionpack (>= 6.1)
      activesupport (>= 6.1)
      sprockets (>= 3.0.0)
    ssrf_filter (1.2.0)
    stackprof (0.2.26)
    strip_attributes (1.14.0)
      activemodel (>= 3.0, < 9.0)
    svg_optimizer (0.3.0)
      nokogiri
    temple (0.10.3)
    thor (1.3.2)
    tilt (2.4.0)
    timeout (0.4.2)
    ttfunk (1.8.0)
      bigdecimal (~> 3.1)
    turbolinks (5.2.1)
      turbolinks-source (~> 5.2)
    turbolinks-source (5.2.0)
    tzinfo (2.0.6)
      concurrent-ruby (~> 1.0)
    uglifier (4.2.1)
      execjs (>= 0.3.0, < 3)
    uri (1.0.2)
    version_gem (1.1.4)
    warden (1.2.9)
      rack (>= 2.0.9)
    web-console (4.2.1)
      actionview (>= 6.0.0)
      activemodel (>= 6.0.0)
      bindex (>= 0.4.0)
      railties (>= 6.0.0)
    webdrivers (5.3.1)
      nokogiri (~> 1.6)
      rubyzip (>= 1.3.0)
      selenium-webdriver (~> 4.0, < 4.11)
    webmock (3.24.0)
      addressable (>= 2.8.0)
      crack (>= 0.3.2)
      hashdiff (>= 0.4.0, < 2.0.0)
    websocket (1.2.11)
    websocket-driver (0.7.6)
      websocket-extensions (>= 0.1.0)
    websocket-extensions (0.1.5)
    whenever (1.0.0)
      chronic (>= 0.6.3)
    xpath (3.2.0)
      nokogiri (~> 1.8)
    zeitwerk (2.6.18)

PLATFORMS
  x86_64-linux

DEPENDENCIES
  activerecord-import (= 1.0.8)
  aws-sdk-core (= 3.113.0)
  aws-sdk-kms (= 1.43.0)
  aws-sdk-s3 (= 1.91.0)
  bing_translator (~> 6.1)
  bootsnap (>= 1.1.0)
  bootstrap (~> 4.1)
  bootstrap_form (= 4.5.0)
  breadcrumble
  byebug
  cancancan (= 3.2.1)
  capybara (>= 2.15, < 4.0)
  carrierwave (~> 2.0)
  carrierwave-aws
  carrierwave-base64
  caxlsx
  caxlsx_rails
  clipboard-rails
  coffee-rails
  contentful
  devise
  doorkeeper (= 5.6.9)
  doorkeeper-openid_connect (= 1.8.8)
  factory_bot_rails (~> 6.1.0, >= 4.8.2)
  faraday
  font-awesome-sass (~> 5.13)
  friendly_id (~> 5.1)
  grape (= 1.5.3)
  grape-cancan
  grape-entity
  grape-swagger
  grape-swagger-entity
  grape-swagger-rails
  haml (= 5.2.1)
  haml-rails (~> 2.0)
  jbuilder (~> 2.5)
  jquery-rails
  json-ld (= 3.1.7)
  kaminari (~> 1.2)
  listen
  meta-tags
  mini_magick (~> 4.11)
  mysql2 (= 0.5.3)
  oauth
  pdf-core
  prawn
  prawn-svg
  prawn-table
  puma (~> 5.2.2)
  rack-cors
  rack-mini-profiler
  rails (= 6.1.3.2)
  rails-controller-testing
  rails_bootstrap_sortable
  rails_real_favicon
  redcarpet
  rich_text_renderer
  rspec-core (= 3.10.1)
  rspec-expectations (= 3.10.1)
  rspec-mocks (= 3.10.2)
  rspec-rails (= 5.0.1)
  rubyzip (~> 2.3)
  sass-rails
  selenium-webdriver
  sentry-rails
  sentry-ruby
  smarter_csv!
  stackprof
  strip_attributes
  svg_optimizer
  turbolinks (~> 5)
  tzinfo-data
  uglifier (>= 1.3.0)
  web-console (>= 3.3.0)
  webdrivers
  webmock (< 4.0)
  whenever
  wine_bouncer!

RUBY VERSION
   ruby 3.0.4p208

BUNDLED WITH
   2.2.33
